GEM
  remote: https://rubygems.org/
  specs:
    awesome_print (1.8.0)
    coderay (1.1.2)
    diff-lcs (1.3)
    given_core (3.8.0)
      sorcerer (>= 0.3.7)
    httparty (0.15.6)
      multi_xml (>= 0.5.2)
    method_source (0.9.0)
    multi_xml (0.6.0)
    pry (0.11.3)
      coderay (~> 1.1.0)
      method_source (~> 0.9.0)
    rspec (3.7.0)
      rspec-core (~> 3.7.0)
      rspec-expectations (~> 3.7.0)
      rspec-mocks (~> 3.7.0)
    rspec-core (3.7.0)
      rspec-support (~> 3.7.0)
    rspec-expectations (3.7.0)
      diff-lcs (>= 1.2.0, < 2.0)
      rspec-support (~> 3.7.0)
    rspec-given (3.8.0)
      given_core (= 3.8.0)
      rspec (>= 2.14.0)
    rspec-mocks (3.7.0)
      diff-lcs (>= 1.2.0, < 2.0)
      rspec-support (~> 3.7.0)
    rspec-support (3.7.0)
    sorcerer (1.0.2)

PLATFORMS
  ruby

DEPENDENCIES
  awesome_print
  httparty
  pry
  rspec
  rspec-given

BUNDLED WITH
   1.16.1
